GEM
  remote: https://rubygems.org/
  specs:
    activesupport (7.0.4.3)
      concurrent-ruby (~> 1.0, >= 1.0.2)
      i18n (>= 1.6, < 2)
      minitest (>= 5.1)
      tzinfo (~> 2.0)
    clamp (0.6.3)
    colored (1.2)
    colorize (0.7.3)
    concurrent-ruby (1.2.2)
    i18n (1.12.0)
      concurrent-ruby (~> 1.0)
    minitest (5.18.0)
    synx (0.0.54)
      clamp (~> 0.6)
      colorize (~> 0.7)
      xcodeproj (~> 0.20.0)
    tzinfo (2.0.6)
      concurrent-ruby (~> 1.0)
    xcodeproj (0.20.2)
      activesupport (>= 3)
      colored (~> 1.2)
    xcpretty (0.1.7)

PLATFORMS
  ruby

DEPENDENCIES
  synx
  xcpretty
